PATH
  remote: .
  specs:
    graphql-stitching (0.0.1)
      graphql (~> 2.0.16)

GEM
  remote: https://rubygems.org/
  specs:
    byebug (11.1.3)
    coderay (1.1.3)
    eventmachine (1.2.7)
    foreman (0.87.2)
    graphql (2.0.16)
    method_source (1.0.0)
    minitest (5.17.0)
    pry (0.14.2)
      coderay (~> 1.1)
      method_source (~> 1.0)
    pry-byebug (3.10.1)
      byebug (~> 11.0)
      pry (>= 0.13, < 0.15)
    rack (3.0.4.1)
    rackup (2.1.0)
      rack (>= 3)
      webrick (~> 1.8)
    rake (12.3.3)
    warning (1.3.0)
    webrick (1.8.1)

PLATFORMS
  arm64-darwin-21
  ruby
  x86_64-darwin-21
  x86_64-linux

DEPENDENCIES
  bundler (~> 2.0)
  eventmachine
  foreman
  graphql-stitching!
  minitest (~> 5.12)
  pry
  pry-byebug
  rack
  rackup
  rake (~> 12.0)
  warning

BUNDLED WITH
   2.4.1
