PATH
  remote: .
  specs:
    graphql-stitching (0.0.1)
      graphql (~> 2.0.16)
      promise.rb (~> 0.7.2)

GEM
  remote: https://rubygems.org/
  specs:
    byebug (11.1.3)
    coderay (1.1.3)
    graphql (2.0.16)
    method_source (1.0.0)
    minitest (5.17.0)
    promise.rb (0.7.4)
    pry (0.14.2)
      coderay (~> 1.1)
      method_source (~> 1.0)
    pry-byebug (3.10.1)
      byebug (~> 11.0)
      pry (>= 0.13, < 0.15)
    rake (12.3.3)
    warning (1.3.0)

PLATFORMS
  x86_64-darwin-21

DEPENDENCIES
  bundler (~> 2.0)
  graphql-stitching!
  minitest (~> 5.12)
  pry
  pry-byebug
  rake (~> 12.0)
  warning

BUNDLED WITH
   2.3.7
